PATH
  remote: .
  specs:
    m2y_matera (0.2.5)
      httparty
      openssl

GEM
  remote: https://rubygems.org/
  specs:
    httparty (0.18.0)
      mime-types (~> 3.0)
      multi_xml (>= 0.5.2)
    ipaddr (1.2.2)
    mime-types (3.3.1)
      mime-types-data (~> 3.2015)
    mime-types-data (3.2020.0425)
    multi_xml (0.6.0)
    openssl (2.1.2)
      ipaddr
    rake (13.0.1)

PLATFORMS
  ruby

DEPENDENCIES
  bundler (~> 1.16)
  m2y_matera!
  rake (~> 13.0)

BUNDLED WITH
   1.16.1
