PATH
  remote: .
  specs:
    m2y_matera (0.2.5)
      httparty
      openssl

GEM
  remote: https://rubygems.org/
  specs:
    httparty (0.21.0)
      mini_mime (>= 1.0.0)
      multi_xml (>= 0.5.2)
    mini_mime (1.1.2)
    multi_xml (0.6.0)
    openssl (2.2.0)
    rake (13.0.3)

PLATFORMS
  ruby

DEPENDENCIES
  bundler (~> 1.16)
  m2y_matera!
  rake (~> 13.0)

BUNDLED WITH
   1.16.1
